GEM
  remote: https://rubygems.org/
  specs:
    byebug (9.0.6)
    concurrent-ruby (1.0.5)
    hamster (3.0.0)
      concurrent-ruby (~> 1.0)

PLATFORMS
  ruby

DEPENDENCIES
  byebug
  hamster

BUNDLED WITH
   1.14.4
