GEM
  remote: https://rubygems.org/
  specs:
    byebug (11.1.3)
    coderay (1.1.3)
    concurrent-ruby (1.1.8)
    hamster (3.0.0)
      concurrent-ruby (~> 1.0)
    method_source (1.0.0)
    optimist (3.0.1)
    pry (0.13.1)
      coderay (~> 1.1)
      method_source (~> 1.0)
    pry-byebug (3.9.0)
      byebug (~> 11.0)
      pry (~> 0.13.0)
    readline-history-restore (0.0.1)

PLATFORMS
  ruby

DEPENDENCIES
  hamster
  optimist
  pry-byebug
  readline-history-restore

BUNDLED WITH
   1.17.3
